GEM
  remote: https://rubygems.org/
  specs:
    mysql2 (0.5.2)

PLATFORMS
  -darwin-20

DEPENDENCIES
  mysql2 (= 0.5.2)

BUNDLED WITH
   2.2.19
